GEM
  remote: https://rubygems.org/
  specs:
    nio4r (2.7.0)
    puma (6.4.0)
      nio4r (~> 2.0)

PLATFORMS
  arm64-darwin-22
  ruby

DEPENDENCIES
  nio4r (= 2.7.0)
  puma

RUBY VERSION
   ruby 3.2.2p53

BUNDLED WITH
   2.5.3
